PATH
  remote: ../ansiterm
  specs:
    ansiterm (0.3.2)

PATH
  remote: ../file_writer
  specs:
    file_writer (0.1.2)

GEM
  remote: https://rubygems.org/
  specs:
    coderay (1.1.2)
    kramdown (1.17.0)
    method_source (0.9.0)
    object_tracker (2.1.1)
    pry (0.11.3)
      coderay (~> 1.1.0)
      method_source (~> 0.9.0)
    rb-readline (0.5.5)
    rouge (3.1.1)
    ruby-prof (0.17.0)
    slop (4.6.2)

PLATFORMS
  ruby

DEPENDENCIES
  ansiterm!
  file_writer!
  kramdown
  object_tracker (~> 2.1)
  pry
  rb-readline
  rouge
  ruby-prof
  slop

BUNDLED WITH
   1.16.2
