GEM
  remote: https://rubygems.org/
  specs:
    ansiterm (0.4.2)
    citrus (3.0.2)
    coderay (1.1.3)
    editor_core (0.3.0)
    editorconfig (0.2.2)
    file_writer (0.1.3)
    gitattributes (2.9.0)
    keyboard_map (0.1.1)
    kramdown (2.3.1)
      rexml
    method_source (1.0.0)
    object_tracker (2.1.2)
    pry (0.14.1)
      coderay (~> 1.1)
      method_source (~> 1.0)
    rb-readline (0.5.5)
    rexml (3.2.5)
    rouge (3.26.1)
    ruby-prof (1.4.3)
    slop (4.9.1)
    toml-rb (2.1.0)
      citrus (~> 3.0, > 3.0)

PLATFORMS
  ruby

DEPENDENCIES
  ansiterm (~> 0.3.3)
  editor_core
  editorconfig
  file_writer
  gitattributes
  keyboard_map
  kramdown
  object_tracker (~> 2.1)
  pry
  rb-readline
  rouge
  ruby-prof
  slop
  toml-rb

BUNDLED WITH
   2.1.4
