GEM
  remote: https://rubygems.org/
  specs:
    ansiterm (0.4.2)
    citrus (3.0.2)
    coderay (1.1.3)
    editor_core (0.3.0)
    editorconfig (0.2.2)
    file_writer (0.2.0)
    gitattributes (2.9.0)
    keyboard_map (0.2.0)
    kramdown (2.4.0)
      rexml
    method_source (1.0.0)
    mini_portile2 (2.8.0)
    nokogiri (1.13.10)
      mini_portile2 (~> 2.8.0)
      racc (~> 1.4)
    object_tracker (2.1.2)
    pry (0.14.1)
      coderay (~> 1.1)
      method_source (~> 1.0)
    racc (1.6.1)
    rb-readline (0.5.5)
    rexml (3.2.5)
    rouge (4.0.0)
    ruby-prof (1.4.3)
    slop (4.9.3)
    termcontroller (0.3)
      keyboard_map (>= 0.1.3)
    toml-rb (2.2.0)
      citrus (~> 3.0, > 3.0)

PLATFORMS
  ruby

DEPENDENCIES
  ansiterm
  editor_core
  editorconfig
  file_writer (~> 0.2.0)
  gitattributes
  kramdown
  nokogiri
  object_tracker (~> 2.1)
  pry
  rb-readline
  rouge
  ruby-prof
  slop
  termcontroller (~> 0.3)
  toml-rb

RUBY VERSION
   ruby 2.7.2p137

BUNDLED WITH
   2.1.4
